GEM
  remote: https://rubygems.org/
  specs:
    m (1.5.1)
      method_source (>= 0.6.7)
      rake (>= 0.9.2.2)
    method_source (1.0.0)
    minitest (5.14.1)
    rake (13.0.1)
    xmlrpc (0.3.0)

PLATFORMS
  ruby

DEPENDENCIES
  m (~> 1.5)
  minitest (~> 5.14)
  xmlrpc (~> 0.3.0)

BUNDLED WITH
   2.1.4
